GEM
  remote: http://rubygems.org/
  specs:
    activerecord (2.3.10)
      activesupport (= 2.3.10)
    activesupport (2.3.10)
    mysql (2.8.1)
    rack (1.2.1)
    rack-mount (0.6.13)
      rack (>= 1.0.0)
    rack_fast_escape (2009.06.24)
      url_escape
    rspec (1.3.1)
    text (0.2.0)
    unicorn (1.1.4)
      rack
    url_escape (2009.06.24)
    yajl-ruby (0.7.8)

PLATFORMS
  ruby

DEPENDENCIES
  activerecord (~> 2.3.8)
  bundler (>= 0.9.26)
  mysql
  rack (~> 1.2.1)
  rack-mount (~> 0.6.9)
  rack_fast_escape (= 2009.06.24)
  rspec (~> 1.3.0)
  text (~> 0.2.0)
  unicorn
  yajl-ruby (~> 0.7.8)
