GEM
  remote: http://rubygems.org/
  specs:
    activesupport (3.0.5)
    backports (2.0.2)
    haml (3.0.25)
    i18n (0.5.0)
    monkey-lib (0.5.4)
      backports
    picky-client (2.3.1)
      yajl-ruby (>= 0.7.8)
    rack (1.2.2)
    rake (0.8.7)
    sinatra (1.2.0)
      rack (~> 1.1)
      tilt (>= 1.2.2, < 2.0)
    sinatra-advanced-routes (0.5.1)
      monkey-lib (~> 0.5.0)
      sinatra (~> 1.0)
      sinatra-sugar (~> 0.5.0)
    sinatra-reloader (0.5.0)
      sinatra (~> 1.0)
      sinatra-advanced-routes (~> 0.5.0)
    sinatra-sugar (0.5.0)
      monkey-lib (~> 0.5.0)
      sinatra (~> 1.0)
    tilt (1.2.2)
    yajl-ruby (0.8.2)

PLATFORMS
  ruby

DEPENDENCIES
  activesupport
  haml
  i18n
  picky-client
  rake
  sinatra
  sinatra-reloader
